GEM
  remote: https://rubygems.org/
  specs:
    rake (10.3.2)
    rmagick (2.13.3)

PLATFORMS
  ruby

DEPENDENCIES
  rake (~> 10.1)
  rmagick (~> 2.13.3)
